GEM
  remote: http://rubygems.org/
  specs:
    gosu (0.7.50)
    rmagick (2.13.2)

PLATFORMS
  ruby

DEPENDENCIES
  gosu
  rmagick
