GEM
  remote: http://rubygems.org/
  specs:
    gosu (0.7.50)
    rmagick (2.13.2)
    ruby-prof (0.13.0)

PLATFORMS
  ruby

DEPENDENCIES
  gosu
  rmagick
  ruby-prof
